GEM
  remote: https://rubygems.org/
  specs:
    ansi (1.5.0)
    ast (2.4.1)
    diff-lcs (1.4.4)
    docile (1.3.2)
    faraday (1.1.0)
      multipart-post (>= 1.2, < 3)
      ruby2_keywords
    jwt (2.2.2)
    mini_portile2 (2.4.0)
    multipart-post (2.1.1)
    nokogiri (1.10.10)
      mini_portile2 (~> 2.4.0)
    parallel (1.20.1)
    parser (2.7.2.0)
      ast (~> 2.4.1)
    rainbow (3.0.0)
    regexp_parser (1.8.2)
    rexml (3.2.4)
    rspec (3.10.0)
      rspec-core (~> 3.10.0)
      rspec-expectations (~> 3.10.0)
      rspec-mocks (~> 3.10.0)
    rspec-core (3.10.0)
      rspec-support (~> 3.10.0)
    rspec-expectations (3.10.0)
      diff-lcs (>= 1.2.0, < 2.0)
      rspec-support (~> 3.10.0)
    rspec-mocks (3.10.0)
      diff-lcs (>= 1.2.0, < 2.0)
      rspec-support (~> 3.10.0)
    rspec-support (3.10.0)
    rubocop (1.4.0)
      parallel (~> 1.10)
      parser (>= 2.7.1.5)
      rainbow (>= 2.2.2, < 4.0)
      regexp_parser (>= 1.8)
      rexml
      rubocop-ast (>= 1.1.1)
      ruby-progressbar (~> 1.7)
      unicode-display_width (>= 1.4.0, < 2.0)
    rubocop-ast (1.1.1)
      parser (>= 2.7.1.5)
    ruby-progressbar (1.10.1)
    ruby2_keywords (0.0.2)
    simplecov (0.19.1)
      docile (~> 1.1)
      simplecov-html (~> 0.11)
    simplecov-console (0.8.0)
      ansi
      simplecov
      terminal-table
    simplecov-html (0.12.3)
    terminal-table (2.0.0)
      unicode-display_width (~> 1.1, >= 1.1.1)
    twilio-ruby (5.43.0)
      faraday (>= 0.9, < 2.0)
      jwt (>= 1.5, <= 2.5)
      nokogiri (>= 1.6, < 2.0)
    unicode-display_width (1.7.0)

PLATFORMS
  ruby

DEPENDENCIES
  rspec (~> 3.10)
  rubocop (~> 1.4)
  simplecov
  simplecov-console
  twilio-ruby (~> 5.43)

BUNDLED WITH
   2.1.2
